GEM
  remote: https://rubygems.org/
  specs:
    concurrent-ruby (1.0.5)
    logger-colors (1.0.0)
    nio4r (2.1.0)
    rake (12.2.1)
    tamashii-client (0.1.2)
      concurrent-ruby
      logger-colors
      nio4r
      tamashii-common
      websocket-driver
    tamashii-common (0.1.6)
    websocket-driver (0.7.0)
      websocket-extensions (>= 0.1.0)
    websocket-extensions (0.1.3)

PLATFORMS
  ruby

DEPENDENCIES
  bundler
  rake
  tamashii-client

BUNDLED WITH
   1.16.0.pre.3
